PATH
  remote: .
  specs:
    needle (1.3.0)

GEM
  remote: https://rubygems.org/
  specs:
    rdoc (5.0.0)

PLATFORMS
  ruby

DEPENDENCIES
  needle!
  rdoc

BUNDLED WITH
   1.13.7
